GIT
  remote: git://github.com/rspec/rspec-core.git
  revision: 1a08928ad98d1158d6a6f61108490addd71dacc3
  branch: master
  specs:
    rspec-core (3.3.0.pre)
      rspec-support (= 3.3.0.pre)

GIT
  remote: git://github.com/rspec/rspec-expectations.git
  revision: 6717b726863f668a9eeebd069706e0187edee99b
  branch: master
  specs:
    rspec-expectations (3.3.0.pre)
      diff-lcs (>= 1.2.0, < 2.0)
      rspec-support (= 3.3.0.pre)

GIT
  remote: git://github.com/rspec/rspec-mocks.git
  revision: cbda94b49fb7b445b62c8e157ba73d81e23dcb71
  branch: master
  specs:
    rspec-mocks (3.3.0.pre)
      diff-lcs (>= 1.2.0, < 2.0)
      rspec-support (= 3.3.0.pre)

GIT
  remote: git://github.com/rspec/rspec-rails.git
  revision: 2beffdcfc98a49ebd52561d57ddc6e055a034339
  branch: master
  specs:
    rspec-rails (3.3.0.pre)
      actionpack (>= 3.0, < 4.3)
      activesupport (>= 3.0, < 4.3)
      railties (>= 3.0, < 4.3)
      rspec-core (= 3.3.0.pre)
      rspec-expectations (= 3.3.0.pre)
      rspec-mocks (= 3.3.0.pre)
      rspec-support (= 3.3.0.pre)

GIT
  remote: git://github.com/rspec/rspec-support.git
  revision: 065494b64575d8533f411a2f49b74b9e8bfa52b7
  branch: master
  specs:
    rspec-support (3.3.0.pre)

GEM
  remote: https://rubygems.org/
  specs:
    actionmailer (4.1.7)
      actionpack (= 4.1.7)
      actionview (= 4.1.7)
      mail (~> 2.5, >= 2.5.4)
    actionpack (4.1.7)
      actionview (= 4.1.7)
      activesupport (= 4.1.7)
      rack (~> 1.5.2)
      rack-test (~> 0.6.2)
    actionview (4.1.7)
      activesupport (= 4.1.7)
      builder (~> 3.1)
      erubis (~> 2.7.0)
    activemodel (4.1.7)
      activesupport (= 4.1.7)
      builder (~> 3.1)
    activerecord (4.1.7)
      activemodel (= 4.1.7)
      activesupport (= 4.1.7)
      arel (~> 5.0.0)
    activesupport (4.1.7)
      i18n (~> 0.6, >= 0.6.9)
      json (~> 1.7, >= 1.7.7)
      minitest (~> 5.1)
      thread_safe (~> 0.1)
      tzinfo (~> 1.1)
    arel (5.0.1.20140414130214)
    builder (3.2.2)
    coffee-rails (4.0.0)
      coffee-script (>= 2.2.0)
      railties (>= 4.0.0.beta, < 5.0)
    coffee-script (2.4.1)
      coffee-script-source
      execjs
    coffee-script-source (1.9.1.1)
    diff-lcs (1.2.5)
    erubis (2.7.0)
    execjs (2.5.2)
    factory_girl (4.5.0)
      activesupport (>= 3.0.0)
    factory_girl_rails (4.5.0)
      factory_girl (~> 4.5.0)
      railties (>= 3.0.0)
    hike (1.2.3)
    i18n (0.7.0)
    jquery-rails (3.1.2)
      railties (>= 3.0, < 5.0)
      thor (>= 0.14, < 2.0)
    json (1.8.2)
    mail (2.6.3)
      mime-types (>= 1.16, < 3)
    mime-types (2.5)
    minitest (5.6.1)
    multi_json (1.11.0)
    mysql2 (0.3.18)
    rack (1.5.3)
    rack-test (0.6.3)
      rack (>= 1.0)
    rails (4.1.7)
      actionmailer (= 4.1.7)
      actionpack (= 4.1.7)
      actionview (= 4.1.7)
      activemodel (= 4.1.7)
      activerecord (= 4.1.7)
      activesupport (= 4.1.7)
      bundler (>= 1.3.0, < 2.0)
      railties (= 4.1.7)
      sprockets-rails (~> 2.0)
    railties (4.1.7)
      actionpack (= 4.1.7)
      activesupport (= 4.1.7)
      rake (>= 0.8.7)
      thor (>= 0.18.1, < 2.0)
    rake (10.4.2)
    sass (3.2.19)
    sass-rails (4.0.3)
      railties (>= 4.0.0, < 5.0)
      sass (~> 3.2.0)
      sprockets (~> 2.8, <= 2.11.0)
      sprockets-rails (~> 2.0)
    spring (1.3.6)
    sprockets (2.11.0)
      hike (~> 1.2)
      multi_json (~> 1.0)
      rack (~> 1.0)
      tilt (~> 1.1, != 1.3.0)
    sprockets-rails (2.3.1)
      actionpack (>= 3.0)
      activesupport (>= 3.0)
      sprockets (>= 2.8, < 4.0)
    thor (0.19.1)
    thread_safe (0.3.5)
    tilt (1.4.1)
    turbolinks (2.5.3)
      coffee-rails
    tzinfo (1.2.2)
      thread_safe (~> 0.1)
    uglifier (1.3.0)
      execjs (>= 0.3.0)
      multi_json (~> 1.0, >= 1.0.2)

PLATFORMS
  ruby

DEPENDENCIES
  coffee-rails (= 4.0.0)
  factory_girl_rails (= 4.5.0)
  jquery-rails
  mysql2
  rails (= 4.1.7)
  rspec-core!
  rspec-expectations!
  rspec-mocks!
  rspec-rails!
  rspec-support!
  sass-rails (= 4.0.3)
  spring
  turbolinks
  uglifier (= 1.3.0)
